PATH
  remote: .
  specs:
    aws-sdk-utils (0.0.0)
      aws-sdk (= 2.6.14)
      cfndsl (= 0.11.11)
      trollop (= 2.1.2)

GEM
  remote: https://rubygems.org/
  specs:
    aws-int-test-rspec-helper (0.0.10)
      aws-sdk (= 2.6.14)
      cfndsl (= 0.11.11)
      rspec (= 3.4.0)
    aws-sdk (2.6.14)
      aws-sdk-resources (= 2.6.14)
    aws-sdk-core (2.6.14)
      jmespath (~> 1.0)
    aws-sdk-resources (2.6.14)
      aws-sdk-core (= 2.6.14)
    cfndsl (0.11.11)
    diff-lcs (1.2.5)
    docile (1.1.5)
    jmespath (1.3.1)
    json (2.0.2)
    rspec (3.4.0)
      rspec-core (~> 3.4.0)
      rspec-expectations (~> 3.4.0)
      rspec-mocks (~> 3.4.0)
    rspec-core (3.4.4)
      rspec-support (~> 3.4.0)
    rspec-expectations (3.4.0)
      diff-lcs (>= 1.2.0, < 2.0)
      rspec-support (~> 3.4.0)
    rspec-mocks (3.4.1)
      diff-lcs (>= 1.2.0, < 2.0)
      rspec-support (~> 3.4.0)
    rspec-support (3.4.1)
    simplecov (0.12.0)
      docile (~> 1.1.0)
      json (>= 1.8, < 3)
      simplecov-html (~> 0.10.0)
    simplecov-html (0.10.0)
    trollop (2.1.2)

PLATFORMS
  ruby

DEPENDENCIES
  aws-int-test-rspec-helper
  aws-sdk-utils!
  simplecov

BUNDLED WITH
   1.13.6
